ObjectType = Image
NDims = 3
BinaryData = True
BinaryDataByteOrderMSB = False
CompressedData = False
TransformMatrix = 0 0 -1 -1 0 0 0 1 0
Offset = 55 -55 55
CenterOfRotation = 0 0 0
AnatomicalOrientation = LPS
ElementSpacing = 0.43 0.43 0.43
DimSize = 256 256 256
ElementType = MET_USHORT
ElementDataFile = FinalPhantom.raw
