ObjectType = Image
NDims = 3
BinaryData = True
BinaryDataByteOrderMSB = False
CompressedData = False
TransformMatrix = 1 0 0 0 1 0 0 0 1
Offset = -109.788 -133.517 -26.0299
CenterOfRotation = 0 0 0
AnatomicalOrientation = SIRLPA
ElementSpacing = 0.428862 0.428862 0.42884
DimSize = 256 256 256
ElementType = MET_USHORT
ElementDataFile = footalign3D.raw
